GEM
  remote: http://rubygems.org/
  specs:
    Ascii85 (1.0.2)
    addressable (2.3.2)
    afm (0.2.0)
    diff-lcs (1.1.3)
    ffi (1.1.5)
    file_utils (1.0.6)
    gemcutter (0.7.1)
    gemspec_deps_gen (1.0.5)
      file_utils
    haml (3.1.7)
    hashery (2.1.0)
    highline (1.6.15)
    i18n (0.6.1)
    json_pure (1.7.6)
    launchy (2.2.0)
      addressable (~> 2.3)
    levenshtein-ffi (1.0.3)
      ffi
      ffi (~> 1.1.5)
    libxml-ruby (2.5.0)
    metaclass (0.0.1)
    mime-types (1.20.1)
    mini_magick (3.4)
      subexec (~> 0.2.1)
    mocha (0.13.2)
      metaclass (~> 0.0.1)
    net-ssh (2.6.4)
    nokogiri (1.5.6)
    path (1.3.1)
    pdf-reader (1.3.0)
      Ascii85 (~> 1.0.0)
      afm (~> 0.2.0)
      hashery (~> 2.0)
      ruby-rc4
      ttfunk
    prawn (0.12.0)
      pdf-reader (>= 0.9.0)
      ttfunk (~> 1.0.2)
    rack (1.5.1)
    rack-protection (1.3.2)
      rack
    resource_accessor (1.0.0)
    rspec (2.12.0)
      rspec-core (~> 2.12.0)
      rspec-expectations (~> 2.12.0)
      rspec-mocks (~> 2.12.0)
    rspec-core (2.12.2)
    rspec-expectations (2.12.1)
      diff-lcs (~> 1.1.3)
    rspec-mocks (2.12.2)
    ruby-progressbar (1.0.2)
    ruby-rc4 (0.1.5)
    rubyzip (0.9.9)
    russian (0.6.0)
      i18n (>= 0.5.0)
    sass (3.2.5)
    script_executor (1.3.1)
      highline
      net-ssh
    sinatra (1.3.4)
      rack (~> 1.4)
      rack-protection (~> 1.3)
      tilt (~> 1.3, >= 1.3.3)
    smart_specs (1.0.3)
      script_executor
    storyboard (0.4.1)
      levenshtein-ffi
      mime-types (>= 1.19)
      mini_magick
      nokogiri
      path (>= 1.3.0)
      prawn
      ruby-progressbar
      rubyzip
      term-ansicolor
    subexec (0.2.2)
    term-ansicolor (1.0.7)
    thor (0.17.0)
    tilt (1.3.3)
    ttfunk (1.0.3)
    vegas (0.1.11)
      rack (>= 1.0.0)

PLATFORMS
  ruby

DEPENDENCIES
  gemcutter
  gemspec_deps_gen
  haml
  highline
  json_pure
  launchy
  libxml-ruby
  mocha
  nokogiri
  rack
  resource_accessor
  rspec
  ruby-progressbar
  russian
  sass
  script_executor
  sinatra
  smart_specs
  storyboard
  thor
  vegas
